GEM
  remote: http://rubygems.org/
  specs:
    bluecloth (2.2.0)
    ffi (1.1.5)
    guard (1.4.0)
      listen (>= 0.4.2)
      thor (>= 0.14.6)
    listen (0.5.3)
    makers-mark (0.1.1)
      bluecloth (>= 2.0.0)
      nokogiri
    nokogiri (1.5.5)
    open4 (1.3.0)
    rb-inotify (0.8.8)
      ffi (>= 0.5.0)
    ruleby (0.8)
    slidedown (0.2.0)
      makers-mark
      nokogiri
    thor (0.16.0)

PLATFORMS
  ruby

DEPENDENCIES
  guard
  open4
  rb-inotify
  ruleby
  slidedown
